GEM
  remote: http://rubygems.org/
  specs:
    diff-lcs (1.2.1)
    nokogiri (1.5.6)
    rspec (2.13.0)
      rspec-core (~> 2.13.0)
      rspec-expectations (~> 2.13.0)
      rspec-mocks (~> 2.13.0)
    rspec-core (2.13.0)
    rspec-expectations (2.13.0)
      diff-lcs (>= 1.1.3, < 2.0)
    rspec-mocks (2.13.0)
    ruby-xslt (0.9.9)
    sax-machine (0.1.0)
      nokogiri (> 0.0.0)

PLATFORMS
  ruby

DEPENDENCIES
  rspec
  ruby-xslt
  sax-machine (= 0.1.0)
